GEM
  remote: https://rubygems.org/
  specs:
    activesupport (4.0.0)
      i18n (~> 0.6, >= 0.6.4)
      minitest (~> 4.2)
      multi_json (~> 1.3)
      thread_safe (~> 0.1)
      tzinfo (~> 0.3.37)
    atomic (1.1.14)
    celluloid (0.15.1)
      timers (~> 1.1.0)
    clockwork (0.6.0)
      activesupport
      tzinfo (~> 0.3.35)
    connection_pool (1.1.0)
    dnsbl-client (1.0.0)
    i18n (0.6.5)
    json (1.8.0)
    mail (2.5.4)
      mime-types (~> 1.16)
      treetop (~> 1.4.8)
    mime-types (1.25)
    minitest (4.7.5)
    multi_json (1.7.9)
    point (1.0.1)
      json (>= 1.1.5)
    polyglot (0.3.3)
    rack (1.5.2)
    rack-protection (1.5.0)
      rack
    redis (3.0.4)
    redis-namespace (1.3.1)
      redis (~> 3.0.0)
    sidekiq (2.14.0)
      celluloid (>= 0.14.1)
      connection_pool (>= 1.0.0)
      json
      redis (>= 3.0.4)
      redis-namespace
    sinatra (1.4.3)
      rack (~> 1.4)
      rack-protection (~> 1.4)
      tilt (~> 1.3, >= 1.3.4)
    thread_safe (0.1.2)
      atomic
    tilt (1.4.1)
    timers (1.1.0)
    treetop (1.4.15)
      polyglot
      polyglot (>= 0.3.1)
    tzinfo (0.3.37)

PLATFORMS
  ruby

DEPENDENCIES
  clockwork
  dnsbl-client
  mail
  point
  redis
  sidekiq
  sinatra
